PATH
  remote: .
  specs:
    numo-sparse (0.1.0)
      numo-narray

GEM
  remote: https://rubygems.org/
  specs:
    numo-narray (0.9.1.4)
    power_assert (1.1.1)
    rake (12.3.2)
    test-unit (3.2.7)
      power_assert

PLATFORMS
  x64-mingw32

DEPENDENCIES
  bundler (>= 1.17)
  numo-sparse!
  rake
  test-unit

BUNDLED WITH
   2.0.1
